GEM
  remote: https://rubygems.org/
  specs:
    combine_pdf (1.0.16)
      ruby-rc4 (>= 0.1.5)
    json (2.2.0)
    mini_portile2 (2.8.0)
    mustermann (1.0.3)
    nokogiri (1.13.4)
      mini_portile2 (~> 2.8.0)
      racc (~> 1.4)
    racc (1.6.0)
    rack (2.0.7)
    rack-protection (2.0.7)
      rack
    ruby-rc4 (0.1.5)
    sinatra (2.0.7)
      mustermann (~> 1.0)
      rack (~> 2.0)
      rack-protection (= 2.0.7)
      tilt (~> 2.0)
    tilt (2.0.10)
    zip (2.0.2)

PLATFORMS
  ruby

DEPENDENCIES
  combine_pdf
  json
  nokogiri
  sinatra
  zip

BUNDLED WITH
   2.0.2
